GEM
  remote: https://rubygems.org/
  specs:
    jared (1.0.0)
      multi_json
      thor
    multi_json (1.10.1)
    thor (0.19.1)

PLATFORMS
  x86-mingw32

DEPENDENCIES
  jared (~> 1.0.0)
  multi_json
